GEM
  remote: http://rubygems.org/
  specs:
    CFPropertyList (2.2.8)
    diff-lcs (1.2.5)
    facter (2.1.0)
      CFPropertyList (~> 2.2.6)
    hiera (1.3.4)
      json_pure
    json_pure (1.8.1)
    puppet (3.6.2)
      facter (> 1.6, < 3)
      hiera (~> 1.0)
      json_pure
      rgen (~> 0.6.5)
    puppet-lint (0.3.2)
    rake (10.3.2)
    rgen (0.6.6)
    rspec (3.0.0)
      rspec-core (~> 3.0.0)
      rspec-expectations (~> 3.0.0)
      rspec-mocks (~> 3.0.0)
    rspec-core (3.0.3)
      rspec-support (~> 3.0.0)
    rspec-expectations (3.0.3)
      diff-lcs (>= 1.2.0, < 2.0)
      rspec-support (~> 3.0.0)
    rspec-mocks (3.0.3)
      rspec-support (~> 3.0.0)
    rspec-puppet (1.0.1)
      rspec
    rspec-support (3.0.3)

PLATFORMS
  ruby

DEPENDENCIES
  puppet (>= 2.7)
  puppet-lint
  rake (>= 0.9.0)
  rspec (>= 2.8.0)
  rspec-puppet (>= 0.1.1)
